GEM
  remote: https://rubygems.org/
  specs:
    progressbar (1.11.0)

PLATFORMS
  x86_64-linux

DEPENDENCIES
  progressbar

BUNDLED WITH
   2.2.32
